GEM
  remote: https://rubygems.org/
  specs:
    ansi (1.4.3)
    builder (3.2.0)
    chunky_png (1.2.8)
    coderay (1.0.9)
    compass (0.12.2)
      chunky_png (~> 1.2)
      fssm (>= 0.2.7)
      sass (~> 3.1)
    fssm (0.2.10)
    haml (4.0.2)
      tilt
    i18n (0.6.4)
    method_source (0.8.1)
    minitest (4.7.4)
    pry (0.9.12.1)
      coderay (~> 1.0.5)
      method_source (~> 0.8)
      slop (~> 3.4)
    rack (1.5.2)
    rack-protection (1.5.0)
      rack
    rack-test (0.6.2)
      rack (>= 1.0)
    rake (10.0.4)
    rdiscount (2.0.7.2)
    sass (3.2.8)
    shotgun (0.9)
      rack (>= 1.0)
    sinatra (1.4.2)
      rack (~> 1.5, >= 1.5.2)
      rack-protection (~> 1.4)
      tilt (~> 1.3, >= 1.3.4)
    slop (3.4.4)
    tilt (1.4.0)
    turn (0.9.6)
      ansi

PLATFORMS
  ruby

DEPENDENCIES
  builder
  compass
  haml
  i18n
  minitest
  pry
  rack-test
  rake
  rdiscount
  shotgun
  sinatra
  turn
